GEM
  remote: https://rubygems.org/
  specs:
    coderay (1.1.3)
    method_source (1.0.0)
    nio4r (2.7.0)
    pry (0.14.2)
      coderay (~> 1.1)
      method_source (~> 1.0)
    puma (6.4.2)
      nio4r (~> 2.0)
    rack (3.0.9.1)

PLATFORMS
  ruby
  x86_64-linux

DEPENDENCIES
  pry
  puma
  rack

BUNDLED WITH
   2.5.6
